GEM
  remote: https://rubygems.org/
  specs:
    childprocess (0.5.6)
      ffi (~> 1.0, >= 1.0.11)
    commonwatir (4.0.0)
    docopt (0.5.0)
    ffi (1.9.8)
    mini_portile (0.6.2)
    multi_json (1.11.0)
    nokogiri (1.6.6.2)
      mini_portile (~> 0.6.0)
    rmagick (2.14.0)
    rubyzip (1.1.7)
    selenium-webdriver (2.45.0)
      childprocess (~> 0.5)
      multi_json (~> 1.0)
      rubyzip (~> 1.0)
      websocket (~> 1.0)
    watir (5.0.0)
      commonwatir (~> 4)
      watir-webdriver
    watir-scroll (0.1.0)
      watir-webdriver
    watir-webdriver (0.7.0)
      selenium-webdriver (>= 2.45)
    websocket (1.2.2)

PLATFORMS
  ruby

DEPENDENCIES
  docopt
  nokogiri
  rmagick
  watir
  watir-scroll
